GIT
  remote: git://github.com/kainosnoema/rack-lineprof.git
  revision: b625eb7e64ac6e9c652c03be7fb9687400885a57
  specs:
    rack-lineprof (0.0.3)
      rack (>= 1.5)
      rblineprof (~> 0.3.6)
      term-ansicolor (~> 1.3)

GEM
  remote: https://rubygems.org/
  specs:
    backports (3.9.1)
    debugger-ruby_core_source (1.3.8)
    erubis (2.7.0)
    kgio (2.10.0)
    multi_json (1.12.2)
    mysql2 (0.4.8)
    mysql2-cs-bind (0.0.6)
      mysql2
    rack (1.6.4)
    rack-mini-profiler (0.10.5)
      rack (>= 1.2.0)
    rack-protection (1.5.3)
      rack
    rack-test (0.7.0)
      rack (>= 1.0, < 3)
    raindrops (0.15.0)
    rblineprof (0.3.7)
      debugger-ruby_core_source (~> 1.3)
    sinatra (1.4.6)
      rack (~> 1.4)
      rack-protection (~> 1.4)
      tilt (>= 1.3, < 3)
    sinatra-contrib (1.4.7)
      backports (>= 2.0)
      multi_json
      rack-protection
      rack-test
      sinatra (~> 1.4.0)
      tilt (>= 1.3, < 3)
    term-ansicolor (1.6.0)
      tins (~> 1.0)
    tilt (2.0.1)
    tins (1.15.0)
    unicorn (4.9.0)
      kgio (~> 2.6)
      rack
      raindrops (~> 0.7)

PLATFORMS
  ruby

DEPENDENCIES
  erubis
  mysql2
  mysql2-cs-bind
  rack-lineprof!
  rack-mini-profiler
  sinatra
  sinatra-contrib
  unicorn

BUNDLED WITH
   1.15.3
